GEM
  remote: https://rubygems.org/
  specs:
    logger (1.7.0)
    minitest (5.26.0)
    rake (13.3.0)
    zeitwerk (2.7.3)

PLATFORMS
  arm64-darwin-24
  ruby

DEPENDENCIES
  logger
  minitest (~> 5.20)
  rake (~> 13.0)
  zeitwerk (~> 2.6)

BUNDLED WITH
   2.6.9
